GEM
  remote: https://rubygems.org/
  specs:
    crack (0.4.2)
      safe_yaml (~> 1.0.0)
    domain_name (0.5.24)
      unf (>= 0.0.5, < 1.0.0)
    http-cookie (1.0.2)
      domain_name (~> 0.5)
    mime-types (2.6.1)
    mini_portile (0.6.2)
    netrc (0.10.3)
    nokogiri (1.6.6.2)
      mini_portile (~> 0.6.0)
    rest-client (1.8.0)
      http-cookie (>= 1.0.2, < 2.0)
      mime-types (>= 1.16, < 3.0)
      netrc (~> 0.7)
    safe_yaml (1.0.4)
    unf (0.1.4)
      unf_ext
    unf_ext (0.0.7.1)

PLATFORMS
  ruby

DEPENDENCIES
  crack
  nokogiri
  rest-client
